GEM
  remote: https://rubygems.org/
  specs:
    actioncable (5.2.1)
      actionpack (= 5.2.1)
      nio4r (~> 2.0)
      websocket-driver (>= 0.6.1)
    actionmailer (5.2.1)
      actionpack (= 5.2.1)
      actionview (= 5.2.1)
      activejob (= 5.2.1)
      mail (~> 2.5, >= 2.5.4)
      rails-dom-testing (~> 2.0)
    actionpack (5.2.1)
      actionview (= 5.2.1)
      activesupport (= 5.2.1)
      rack (~> 2.0)
      rack-test (>= 0.6.3)
      rails-dom-testing (~> 2.0)
      rails-html-sanitizer (~> 1.0, >= 1.0.2)
    actionview (5.2.1)
      activesupport (= 5.2.1)
      builder (~> 3.1)
      erubi (~> 1.4)
      rails-dom-testing (~> 2.0)
      rails-html-sanitizer (~> 1.0, >= 1.0.3)
    active_storage_drag_and_drop (0.3.2)
      rails (~> 5.2)
    activejob (5.2.1)
      activesupport (= 5.2.1)
      globalid (>= 0.3.6)
    activemodel (5.2.1)
      activesupport (= 5.2.1)
    activerecord (5.2.1)
      activemodel (= 5.2.1)
      activesupport (= 5.2.1)
      arel (>= 9.0)
    activestorage (5.2.1)
      actionpack (= 5.2.1)
      activerecord (= 5.2.1)
      marcel (~> 0.3.1)
    activesupport (5.2.1)
      concurrent-ruby (~> 1.0, >= 1.0.2)
      i18n (>= 0.7, < 2)
      minitest (~> 5.1)
      tzinfo (~> 1.1)
    addressable (2.5.2)
      public_suffix (>= 2.0.2, < 4.0)
    administrate (0.11.0)
      actionpack (>= 4.2, < 6.0)
      actionview (>= 4.2, < 6.0)
      activerecord (>= 4.2, < 6.0)
      autoprefixer-rails (>= 6.0)
      datetime_picker_rails (~> 0.0.7)
      jquery-rails (>= 4.0)
      kaminari (>= 1.0)
      momentjs-rails (~> 2.8)
      sass-rails (~> 5.0)
      selectize-rails (~> 0.6)
    ahoy_matey (2.1.0)
      addressable
      browser (~> 2.0)
      device_detector
      geocoder (>= 1.4.5)
      railties (>= 4.2)
      referer-parser (>= 0.3)
      request_store
      safely_block (>= 0.2.1)
      user_agent_parser
    arel (9.0.0)
    autoprefixer-rails (9.3.1)
      execjs
    awesome_print (1.8.0)
    aws-eventstream (1.0.1)
    aws-partitions (1.109.0)
    aws-sdk-core (3.36.0)
      aws-eventstream (~> 1.0)
      aws-partitions (~> 1.0)
      aws-sigv4 (~> 1.0)
      jmespath (~> 1.0)
    aws-sdk-kms (1.11.0)
      aws-sdk-core (~> 3, >= 3.26.0)
      aws-sigv4 (~> 1.0)
    aws-sdk-s3 (1.23.1)
      aws-sdk-core (~> 3, >= 3.26.0)
      aws-sdk-kms (~> 1)
      aws-sigv4 (~> 1.0)
    aws-sigv4 (1.0.3)
    babel-source (5.8.35)
    babel-transpiler (0.7.0)
      babel-source (>= 4.0, < 6)
      execjs (~> 2.0)
    bcrypt (3.1.12)
    better_errors (2.5.0)
      coderay (>= 1.0.0)
      erubi (>= 1.0.0)
      rack (>= 0.9.0)
    bindex (0.5.0)
    binding_of_caller (0.8.0)
      debug_inspector (>= 0.0.1)
    bootsnap (1.3.2)
      msgpack (~> 1.0)
    browser (2.5.3)
    builder (3.2.3)
    byebug (10.0.2)
    coderay (1.1.2)
    concurrent-ruby (1.1.3)
    coolline (0.5.0)
      unicode_utils (~> 1.4)
    crass (1.0.4)
    datetime_picker_rails (0.0.7)
      momentjs-rails (>= 2.8.1)
    debug_inspector (0.0.3)
    device_detector (1.0.1)
    devise (4.5.0)
      bcrypt (~> 3.0)
      orm_adapter (~> 0.1)
      railties (>= 4.1.0, < 6.0)
      responders
      warden (~> 1.2.3)
    druuid (1.0.2)
    errbase (0.1.1)
    erubi (1.7.1)
    execjs (2.7.0)
    ffi (1.9.25)
    geocoder (1.5.0)
    globalid (0.4.1)
      activesupport (>= 4.2.0)
    i18n (1.1.1)
      concurrent-ruby (~> 1.0)
    jazz_fingers (5.0.0)
      awesome_print (~> 1.6)
      pry (~> 0.10)
      pry-byebug (~> 3.4)
      pry-coolline (~> 0.2)
    jbuilder (2.8.0)
      activesupport (>= 4.2.0)
      multi_json (>= 1.2)
    jmespath (1.4.0)
    jquery-rails (4.3.3)
      rails-dom-testing (>= 1, < 3)
      railties (>= 4.2.0)
      thor (>= 0.14, < 2.0)
    json (2.1.0)
    kaminari (1.1.1)
      activesupport (>= 4.1.0)
      kaminari-actionview (= 1.1.1)
      kaminari-activerecord (= 1.1.1)
      kaminari-core (= 1.1.1)
    kaminari-actionview (1.1.1)
      actionview
      kaminari-core (= 1.1.1)
    kaminari-activerecord (1.1.1)
      activerecord
      kaminari-core (= 1.1.1)
    kaminari-core (1.1.1)
    listen (3.1.5)
      rb-fsevent (~> 0.9, >= 0.9.4)
      rb-inotify (~> 0.9, >= 0.9.7)
      ruby_dep (~> 1.2)
    loofah (2.2.3)
      crass (~> 1.0.2)
      nokogiri (>= 1.5.9)
    mail (2.7.1)
      mini_mime (>= 0.1.1)
    marcel (0.3.3)
      mimemagic (~> 0.3.2)
    maxminddb (0.1.22)
    meta-tags (2.10.0)
      actionpack (>= 3.2.0, < 5.3)
    method_source (0.9.1)
    mimemagic (0.3.2)
    mini_magick (4.9.2)
    mini_mime (1.0.1)
    mini_portile2 (2.3.0)
    minitest (5.11.3)
    momentjs-rails (2.20.1)
      railties (>= 3.1)
    msgpack (1.2.4)
    multi_json (1.13.1)
    nio4r (2.3.1)
    nokogiri (1.8.5)
      mini_portile2 (~> 2.3.0)
    orm_adapter (0.5.0)
    pg (1.1.3)
    postmark (1.14.0)
      json
      rake
    postmark-rails (0.18.0)
      actionmailer (>= 3.0.0)
      postmark (~> 1.14.0)
    pry (0.12.0)
      coderay (~> 1.1.0)
      method_source (~> 0.9.0)
    pry-byebug (3.6.0)
      byebug (~> 10.0)
      pry (~> 0.10)
    pry-coolline (0.2.5)
      coolline (~> 0.5)
    pry-rails (0.3.7)
      pry (>= 0.10.4)
    public_suffix (3.0.3)
    puma (3.12.0)
    pundit (2.0.0)
      activesupport (>= 3.0.0)
    rack (2.0.6)
    rack-proxy (0.6.5)
      rack
    rack-test (1.1.0)
      rack (>= 1.0, < 3)
    rails (5.2.1)
      actioncable (= 5.2.1)
      actionmailer (= 5.2.1)
      actionpack (= 5.2.1)
      actionview (= 5.2.1)
      activejob (= 5.2.1)
      activemodel (= 5.2.1)
      activerecord (= 5.2.1)
      activestorage (= 5.2.1)
      activesupport (= 5.2.1)
      bundler (>= 1.3.0)
      railties (= 5.2.1)
      sprockets-rails (>= 2.0.0)
    rails-dom-testing (2.0.3)
      activesupport (>= 4.2.0)
      nokogiri (>= 1.6)
    rails-html-sanitizer (1.0.4)
      loofah (~> 2.2, >= 2.2.2)
    railties (5.2.1)
      actionpack (= 5.2.1)
      activesupport (= 5.2.1)
      method_source
      rake (>= 0.8.7)
      thor (>= 0.19.0, < 2.0)
    rake (12.3.1)
    rb-fsevent (0.10.3)
    rb-inotify (0.9.10)
      ffi (>= 0.5.0, < 2)
    referer-parser (0.3.0)
    request_store (1.4.1)
      rack (>= 1.4)
    responders (2.4.0)
      actionpack (>= 4.2.0, < 5.3)
      railties (>= 4.2.0, < 5.3)
    ruby_dep (1.5.0)
    safely_block (0.2.1)
      errbase
    sass (3.7.1)
      sass-listen (~> 4.0.0)
    sass-listen (4.0.0)
      rb-fsevent (~> 0.9, >= 0.9.4)
      rb-inotify (~> 0.9, >= 0.9.7)
    sass-rails (5.0.7)
      railties (>= 4.0.0, < 6)
      sass (~> 3.1)
      sprockets (>= 2.8, < 4.0)
      sprockets-rails (>= 2.0, < 4.0)
      tilt (>= 1.1, < 3)
    selectize-rails (0.12.6)
    sitemap_generator (6.0.1)
      builder (~> 3.0)
    spring (2.0.2)
      activesupport (>= 4.2)
    spring-watcher-listen (2.0.1)
      listen (>= 2.7, < 4.0)
      spring (>= 1.2, < 3.0)
    sprockets (4.0.0.beta8)
      concurrent-ruby (~> 1.0)
      rack (> 1, < 3)
    sprockets-rails (3.2.1)
      actionpack (>= 4.0)
      activesupport (>= 4.0)
      sprockets (>= 3.0.0)
    table_print (1.5.6)
    thor (0.20.0)
    thread_safe (0.3.6)
    tilt (2.0.8)
    turbolinks (5.2.0)
      turbolinks-source (~> 5.2)
    turbolinks-source (5.2.0)
    tzinfo (1.2.5)
      thread_safe (~> 0.1)
    uglifier (4.1.19)
      execjs (>= 0.3.0, < 3)
    unicode_utils (1.4.0)
    user_agent_parser (2.5.0)
    warden (1.2.7)
      rack (>= 1.0)
    web-console (3.7.0)
      actionview (>= 5.0)
      activemodel (>= 5.0)
      bindex (>= 0.4.0)
      railties (>= 5.0)
    webpacker (3.5.5)
      activesupport (>= 4.2)
      rack-proxy (>= 0.6.1)
      railties (>= 4.2)
    websocket-driver (0.7.0)
      websocket-extensions (>= 0.1.0)
    websocket-extensions (0.1.3)

PLATFORMS
  ruby

DEPENDENCIES
  active_storage_drag_and_drop
  administrate
  ahoy_matey
  aws-sdk-s3
  babel-transpiler
  better_errors
  binding_of_caller
  bootsnap (>= 1.3.1)
  byebug
  devise
  druuid
  geocoder
  jazz_fingers
  jbuilder (~> 2.5)
  listen (>= 3.0.5, < 3.2)
  maxminddb
  meta-tags (~> 2.10)
  mini_magick (~> 4.8)
  pg (>= 0.18, < 2.0)
  postmark-rails
  pry-rails
  puma (~> 3.11)
  pundit (~> 2.0)
  rails (~> 5.2.1)
  sass-rails (~> 5.0)
  sitemap_generator
  spring
  spring-watcher-listen (~> 2.0.0)
  sprockets (~> 4.0.0.beta8)
  table_print
  turbolinks (~> 5)
  tzinfo-data
  uglifier (>= 1.3.0)
  web-console (>= 3.3.0)
  webpacker

RUBY VERSION
   ruby 2.5.1p57

BUNDLED WITH
   1.17.1
